PATH
  remote: .
  specs:
    herokubench (0.0.7)
      heroku (>= 2.26.0, < 3.0)
      ruby-progressbar (>= 1.1.1)
      thor (~> 0.18.1)

GEM
  remote: http://rubygems.org/
  specs:
    addressable (2.3.4)
    excon (0.22.1)
    heroku (2.39.4)
      heroku-api (~> 0.3.7)
      launchy (>= 0.3.2)
      netrc (~> 0.7.7)
      rest-client (~> 1.6.1)
      rubyzip
    heroku-api (0.3.11)
      excon (~> 0.22.1)
    launchy (2.3.0)
      addressable (~> 2.3)
    mime-types (1.23)
    netrc (0.7.7)
    rest-client (1.6.7)
      mime-types (>= 1.16)
    ruby-progressbar (1.1.1)
    rubyzip (0.9.9)
    thor (0.18.1)

PLATFORMS
   gem "windows-unknown
  ruby

DEPENDENCIES
  herokubench!
