PATH
  remote: .
  specs:
    herokubench (0.0.8)
      heroku (>= 2.26.0, < 3.0)
      ruby-progressbar (>= 1.1.1)
      thor (~> 0.18.1)

GEM
  remote: http://rubygems.org/
  specs:
    addressable (2.3.5)
    excon (0.25.3)
    heroku (2.40.1)
      heroku-api (~> 0.3.7)
      launchy (>= 0.3.2)
      netrc (~> 0.7.7)
      rest-client (~> 1.6.1)
      rubyzip
    heroku-api (0.3.15)
      excon (~> 0.25.1)
    launchy (2.3.0)
      addressable (~> 2.3)
    mime-types (1.25)
    netrc (0.7.7)
    rest-client (1.6.7)
      mime-types (>= 1.16)
    ruby-progressbar (1.2.0)
    rubyzip (1.0.0)
    thor (0.18.1)

PLATFORMS
  ruby

DEPENDENCIES
  herokubench!
